STORAGE: NONE
RESTRICTION: == netstandard2.0
NUGET
  remote: https://www.nuget.org/api/v2
    Fable.Browser.Blob (1.0)
      Fable.Core (>= 3.0)
      FSharp.Core (>= 4.5.2)
    Fable.Browser.Dom (1.0)
      Fable.Browser.Blob (>= 1.0)
      Fable.Browser.Event (>= 1.0)
      Fable.Browser.WebStorage (>= 1.0)
      Fable.Core (>= 3.0)
      FSharp.Core (>= 4.5.2)
    Fable.Browser.Event (1.0)
      Fable.Core (>= 3.0)
      FSharp.Core (>= 4.5.2)
    Fable.Browser.WebStorage (1.0)
      Fable.Browser.Event (>= 1.0)
      Fable.Core (>= 3.0)
      FSharp.Core (>= 4.5.2)
    Fable.Core (3.0)
      FSharp.Core (>= 4.5.2)
    Fable.Elmish (3.0.0-beta-7)
      Fable.Core (>= 3.0.0-beta-004)
      FSharp.Core (>= 4.6.2)
    Fable.Elmish.Browser (3.0.0-beta-3)
      Fable.Browser.Dom (>= 1.0.0-alpha-004)
      Fable.Core (>= 3.0.0-beta-005)
      Fable.Elmish (>= 3.0.0-beta-7)
      FSharp.Core (>= 4.6.2)
    Fable.Elmish.HMR (4.0.0-beta-5)
      Fable.Core (>= 3.0.0-beta-005)
      Fable.Elmish.Browser (>= 3.0.0-beta-3)
      Fable.Elmish.React (>= 3.0.0-beta-4)
      FSharp.Core (>= 4.6.2)
    Fable.Elmish.React (3.0.0-beta-4)
      Fable.Core (>= 3.0.0-beta-005)
      Fable.Elmish (>= 3.0.0-beta-7)
      Fable.React (>= 5.0.0-alpha-005)
      FSharp.Core (>= 4.6.2)
    Fable.React (5.0)
      Fable.Browser.Dom (>= 1.0)
      Fable.Core (>= 3.0)
      FSharp.Core (>= 4.5.2)
    FSharp.Core (4.6.2)
    Fulma (2.0.0-beta-003)
      Fable.Core (>= 3.0.0-beta-005)
      Fable.React (>= 5.0.0-alpha-005)
